GEM
  remote: https://rubygems.org/
  specs:
    activemodel (4.2.9)
      activesupport (= 4.2.9)
      builder (~> 3.1)
    activerecord (4.2.9)
      activemodel (= 4.2.9)
      activesupport (= 4.2.9)
      arel (~> 6.0)
    activerecord-mysql-awesome (0.0.9)
      activerecord (~> 4.0)
      activesupport (~> 4.0)
      mysql2 (>= 0.3.18)
    activesupport (4.2.9)
      i18n (~> 0.7)
      minitest (~> 5.1)
      thread_safe (~> 0.3, >= 0.3.4)
      tzinfo (~> 1.1)
    arel (6.0.4)
    builder (3.2.3)
    coderay (1.1.1)
    composite_primary_keys (8.1.6)
      activerecord (~> 4.2.0)
    diffy (3.2.0)
    i18n (0.8.6)
    method_source (0.8.2)
    minitest (5.10.3)
    mustermann (1.0.0)
    mysql2 (0.4.8)
    parslet (1.8.0)
    pry (0.10.4)
      coderay (~> 1.1.0)
      method_source (~> 0.8.1)
      slop (~> 3.4)
    puma (3.9.1)
    rack (2.0.3)
    rack-cors (1.0.1)
    rack-protection (2.0.0)
      rack
    ridgepole (0.6.6)
      activerecord (>= 4.2, < 6)
      diffy
    sinatra (2.0.0)
      mustermann (~> 1.0)
      rack (~> 2.0)
      rack-protection (= 2.0.0)
      tilt (~> 2.0)
    sinatra-activerecord (2.0.13)
      activerecord (>= 3.2)
      sinatra (>= 1.0)
    slop (3.6.0)
    thread_safe (0.3.6)
    tilt (2.0.8)
    tzinfo (1.2.3)
      thread_safe (~> 0.1)

PLATFORMS
  ruby

DEPENDENCIES
  activerecord
  activerecord-mysql-awesome
  composite_primary_keys
  mysql2
  parslet
  pry
  puma
  rack-cors
  ridgepole
  sinatra
  sinatra-activerecord

BUNDLED WITH
   1.11.2
