GEM
  remote: https://rubygems.org/
  specs:
    activemodel (4.2.5)
      activesupport (= 4.2.5)
      builder (~> 3.1)
    activerecord (4.2.5)
      activemodel (= 4.2.5)
      activesupport (= 4.2.5)
      arel (~> 6.0)
    activerecord-mysql-awesome (0.0.8)
      activerecord (~> 4.0)
      activesupport (~> 4.0)
      mysql2 (>= 0.3.18)
    activesupport (4.2.5)
      i18n (~> 0.7)
      json (~> 1.7, >= 1.7.7)
      minitest (~> 5.1)
      thread_safe (~> 0.3, >= 0.3.4)
      tzinfo (~> 1.1)
    arel (6.0.3)
    blankslate (3.1.3)
    builder (3.2.2)
    coderay (1.1.0)
    composite_primary_keys (8.1.2)
      activerecord (~> 4.2.0)
    i18n (0.7.0)
    json (1.8.3)
    method_source (0.8.2)
    minitest (5.8.3)
    mysql2 (0.4.2)
    parslet (1.7.1)
      blankslate (>= 2.0, <= 4.0)
    pry (0.10.3)
      coderay (~> 1.1.0)
      method_source (~> 0.8.1)
      slop (~> 3.4)
    puma (2.15.3)
    rack (1.6.4)
    rack-protection (1.5.3)
      rack
    ridgepole (0.6.3)
      activerecord (~> 4.2.1)
    sinatra (1.4.6)
      rack (~> 1.4)
      rack-protection (~> 1.4)
      tilt (>= 1.3, < 3)
    sinatra-activerecord (2.0.9)
      activerecord (>= 3.2)
      sinatra (~> 1.0)
    slop (3.6.0)
    thread_safe (0.3.5)
    tilt (2.0.1)
    tzinfo (1.2.2)
      thread_safe (~> 0.1)

PLATFORMS
  ruby

DEPENDENCIES
  activerecord
  activerecord-mysql-awesome
  composite_primary_keys
  mysql2
  parslet
  pry
  puma
  ridgepole
  sinatra
  sinatra-activerecord

BUNDLED WITH
   1.11.2
